GIT
  remote: https://github.com/june29/ruboty-irasutoya
  revision: 1f38273cc7d8f3315ef07221b1f761bbc1393575
  specs:
    ruboty-irasutoya (1.0.2)
      ruboty

GEM
  remote: https://rubygems.org/
  specs:
    activesupport (6.0.3.1)
      concurrent-ruby (~> 1.0, >= 1.0.2)
      i18n (>= 0.7, < 2)
      minitest (~> 5.1)
      tzinfo (~> 1.1)
      zeitwerk (~> 2.2, >= 2.2.2)
    addressable (2.7.0)
      public_suffix (>= 2.0.2, < 5.0)
    chrono (0.4.0)
      activesupport
    concurrent-ruby (1.1.6)
    docomoru (0.1.4)
      activesupport
      faraday
      faraday_middleware
      json
      rack
      slop
    dotenv (2.7.5)
    eto (1.0.1)
      thor
    event_emitter (0.2.6)
    eventmachine (1.2.7)
    eventmachine (1.2.7-x86-mingw32)
    faraday (0.17.3)
      multipart-post (>= 1.2, < 3)
    faraday_middleware (0.10.1)
      faraday (>= 0.7.4, < 1.0)
    faye-websocket (0.10.9)
      eventmachine (>= 0.12.0)
      websocket-driver (>= 0.5.1)
    i18n (1.8.2)
      concurrent-ruby (~> 1.0)
    json (2.3.0)
    mem (0.1.5)
    minitest (5.14.1)
    multi_json (1.14.1)
    multipart-post (2.1.1)
    octokit (4.18.0)
      faraday (>= 0.9)
      sawyer (~> 0.8.0, >= 0.5.3)
    public_suffix (4.0.4)
    rack (2.2.2)
    rake (13.0.1)
    redis (4.1.3)
    redis-namespace (1.7.0)
      redis (>= 3.0.4)
    ruboty (1.3.0)
      activesupport
      bundler
      dotenv
      mem
      slop
    ruboty-alias (0.0.8)
      ruboty (>= 1.1.1)
    ruboty-bundler (0.1.3)
      ruboty (>= 1.2.1)
      ruboty-github
    ruboty-cron (1.1.0)
      activesupport
      chrono
      ruboty (>= 0.2.0)
    ruboty-echo (0.1.1)
      ruboty
    ruboty-echo_to (1.0.2)
      ruboty
    ruboty-eto (1.0.0)
      eto
      ruboty
    ruboty-github (0.3.0)
      activesupport
      octokit
      ruboty
    ruboty-google_image (0.1.1)
      faraday
      faraday_middleware
      ruboty
    ruboty-redis (0.0.6)
      redis
      redis-namespace
      ruboty
    ruboty-replace (0.0.1)
      ruboty
    ruboty-ruby (0.0.2)
      ruboty
    ruboty-slack_rtm (3.2.1)
      faraday (~> 0.11)
      ruboty (>= 1.1.4)
      slack-api (~> 1.6)
      websocket-client-simple (~> 0.3.0)
    ruboty-talk (0.0.5)
      docomoru (>= 0.0.3)
      ruboty (>= 1.1.0)
    ruboty-ume (1.0.2)
      ruboty
    ruboty-weather (0.0.5)
      faraday
      faraday_middleware
      ruboty (>= 0.2.0)
    sawyer (0.8.2)
      addressable (>= 2.3.5)
      faraday (> 0.8, < 2.0)
    slack-api (1.6.1)
      faraday (~> 0.11)
      faraday_middleware (~> 0.10.0)
      faye-websocket (~> 0.10.6)
      multi_json (~> 1.0, >= 1.0.3)
    slop (4.8.1)
    thor (1.0.1)
    thread_safe (0.3.6)
    tzinfo (1.2.7)
      thread_safe (~> 0.1)
    websocket (1.2.8)
    websocket-client-simple (0.3.0)
      event_emitter
      websocket
    websocket-driver (0.7.1)
      websocket-extensions (>= 0.1.0)
    websocket-extensions (0.1.5)
    zeitwerk (2.3.0)

PLATFORMS
  ruby
  x86-mingw32

DEPENDENCIES
  rake
  ruboty
  ruboty-alias
  ruboty-bundler
  ruboty-cron
  ruboty-echo
  ruboty-echo_to
  ruboty-eto
  ruboty-github
  ruboty-google_image
  ruboty-irasutoya!
  ruboty-redis
  ruboty-replace
  ruboty-ruby
  ruboty-slack_rtm
  ruboty-talk
  ruboty-ume
  ruboty-weather

RUBY VERSION
   ruby 2.6.3p62

BUNDLED WITH
   1.17.2
